GEM
  remote: https://rubygems.org/
  specs:
    activemodel (5.1.5)
      activesupport (= 5.1.5)
    activerecord (5.1.5)
      activemodel (= 5.1.5)
      activesupport (= 5.1.5)
      arel (~> 8.0)
    activesupport (5.1.5)
      concurrent-ruby (~> 1.0, >= 1.0.2)
      i18n (~> 0.7)
      minitest (~> 5.1)
      tzinfo (~> 1.1)
    addressable (2.5.2)
      public_suffix (>= 2.0.2, < 4.0)
    arel (8.0.0)
    backports (3.11.1)
    coderay (1.1.2)
    concurrent-ruby (1.0.5)
    dotenv (2.2.1)
    faraday (0.14.0)
      multipart-post (>= 1.2, < 3)
    httparty (0.16.0)
      multi_xml (>= 0.5.2)
    i18n (0.9.5)
      concurrent-ruby (~> 1.0)
    mail (2.7.0)
      mini_mime (>= 0.1.1)
    method_source (0.9.0)
    mini_mime (1.0.0)
    minitest (5.11.3)
    multi_json (1.13.1)
    multi_xml (0.6.0)
    multipart-post (2.0.0)
    mustermann (1.0.2)
    octokit (4.8.0)
      sawyer (~> 0.8.0, >= 0.5.3)
    pg (0.21.0)
    pony (1.12)
      mail (>= 2.0)
    pry (0.11.3)
      coderay (~> 1.1.0)
      method_source (~> 0.9.0)
    public_suffix (3.0.2)
    puma (3.11.2)
    rack (2.0.4)
    rack-protection (2.0.1)
      rack
    rake (12.3.0)
    sawyer (0.8.1)
      addressable (>= 2.3.5, < 2.6)
      faraday (~> 0.8, < 1.0)
    sinatra (2.0.1)
      mustermann (~> 1.0)
      rack (~> 2.0)
      rack-protection (= 2.0.1)
      tilt (~> 2.0)
    sinatra-activerecord (2.0.13)
      activerecord (>= 3.2)
      sinatra (>= 1.0)
    sinatra-contrib (2.0.1)
      backports (>= 2.0)
      multi_json
      mustermann (~> 1.0)
      rack-protection (= 2.0.1)
      sinatra (= 2.0.1)
      tilt (>= 1.3, < 3)
    sinatra_auth_github (2.0.0)
      sinatra (~> 2.0)
      warden-github (~> 1.3)
    thread_safe (0.3.6)
    tilt (2.0.8)
    tzinfo (1.2.5)
      thread_safe (~> 0.1)
    warden (1.2.7)
      rack (>= 1.0)
    warden-github (1.3.2)
      activesupport (> 3.0)
      octokit (> 2.1.0)
      warden (> 1.0)

PLATFORMS
  ruby

DEPENDENCIES
  activerecord
  dotenv
  httparty
  i18n
  pg
  pony
  pry
  puma
  rake
  sinatra
  sinatra-activerecord
  sinatra-contrib
  sinatra_auth_github

BUNDLED WITH
   1.16.0
